GEM
  remote: https://rubygems.org/
  specs:
    RedCloth (4.2.9)
    RedCloth (4.2.9-java)
    configparser (0.1.3)
    diff-lcs (1.2.5)
    json (1.8.1)
    json (1.8.1-java)
    rake (10.3.2)
    rdoc (4.0.0)
    rspec (2.14.1)
      rspec-core (~> 2.14.0)
      rspec-expectations (~> 2.14.0)
      rspec-mocks (~> 2.14.0)
    rspec-core (2.14.8)
    rspec-expectations (2.14.5)
      diff-lcs (>= 1.1.3, < 2.0)
    rspec-mocks (2.14.6)
    yard (0.8.7.4)

PLATFORMS
  java
  ruby

DEPENDENCIES
  RedCloth
  configparser (~> 0.1.2)
  json
  rake
  rdoc
  rspec
  yard
