GEM
  remote: https://rubygems.org/
  specs:
    configparser (0.1.2)
    diff-lcs (1.2.5)
    json (1.8.1)
    rake (10.1.1)
    rspec (2.14.1)
      rspec-core (~> 2.14.0)
      rspec-expectations (~> 2.14.0)
      rspec-mocks (~> 2.14.0)
    rspec-core (2.14.8)
    rspec-expectations (2.14.5)
      diff-lcs (>= 1.1.3, < 2.0)
    rspec-mocks (2.14.6)

PLATFORMS
  ruby

DEPENDENCIES
  json
  configparser (~> 0.1.2)
  rake
  rspec
